GEM
  remote: https://rubygems.org/
  specs:
    chargify2 (0.2.8)
      hashery (~> 2.1.0)
      hashie
      httparty
      rack
    hashery (2.1.1)
    hashie (3.3.1)
    httparty (0.13.3)
      json (~> 1.8)
      multi_xml (>= 0.5.2)
    json (1.8.3)
    multi_xml (0.5.5)
    rack (1.5.2)
    rack-protection (1.5.3)
      rack
    sinatra (1.4.5)
      rack (~> 1.4)
      rack-protection (~> 1.4)
      tilt (~> 1.3, >= 1.3.4)
    tilt (1.4.1)

PLATFORMS
  ruby

DEPENDENCIES
  chargify2
  json (= 1.8.3)
  sinatra

BUNDLED WITH
   1.14.6
